PATH
  remote: .
  specs:
    xlsxwriter (0.2.1.pre.2)

GEM
  remote: https://rubygems.org/
  specs:
    power_assert (1.1.5)
    rake (13.0.1)
    rake-compiler (1.1.1)
      rake
    rubyzip (1.2.4)
    test-unit (3.3.3)
      power_assert

PLATFORMS
  ruby

DEPENDENCIES
  rake-compiler (~> 1.0)
  rubyzip (~> 1.2)
  test-unit (~> 3.2)
  xlsxwriter!

BUNDLED WITH
   1.17.3
