PATH
  remote: .
  specs:
    xlsxwriter (0.2.2)

GEM
  remote: https://rubygems.org/
  specs:
    diffy (3.4.2)
    power_assert (2.0.3)
    rake (13.1.0)
    rake-compiler (1.2.5)
      rake
    rubyzip (2.3.2)
    test-unit (3.6.1)
      power_assert

PLATFORMS
  ruby
  x86_64-linux

DEPENDENCIES
  diffy (~> 3.4)
  rake-compiler (~> 1.0)
  rubyzip (~> 2.3)
  test-unit (~> 3.2)
  xlsxwriter!

BUNDLED WITH
   2.4.19
