PATH
  remote: .
  specs:
    xlsxwriter (0.2.1.pre.2)

GEM
  remote: https://rubygems.org/
  specs:
    power_assert (1.1.5)
    rake (12.3.3)
    rake-compiler (1.0.8)
      rake
    rubyzip (2.3.0)
    test-unit (3.3.3)
      power_assert

PLATFORMS
  ruby

DEPENDENCIES
  rake-compiler (~> 1.0)
  rubyzip (~> 2.3)
  test-unit (~> 3.2)
  xlsxwriter!

BUNDLED WITH
   1.17.3
