PATH
  remote: .
  specs:
    xlsxwriter (0.0.5)

GEM
  remote: https://rubygems.org/
  specs:
    power_assert (1.1.1)
    rake (12.3.1)
    rake-compiler (1.0.4)
      rake
    rubyzip (1.2.1)
    test-unit (3.2.8)
      power_assert

PLATFORMS
  ruby

DEPENDENCIES
  rake-compiler (~> 1.0)
  rubyzip (~> 1.2)
  test-unit (~> 3.2)
  xlsxwriter!

BUNDLED WITH
   1.16.2
