PATH
  remote: .
  specs:
    xlsxwriter (0.2.1.pre.2)

GEM
  remote: https://rubygems.org/
  specs:
    power_assert (2.0.0)
    rake (12.3.3)
    rake-compiler (1.0.8)
      rake
    rubyzip (1.2.4)
    test-unit (3.4.4)
      power_assert

PLATFORMS
  ruby

DEPENDENCIES
  rake-compiler (~> 1.0)
  rubyzip (~> 1.2)
  test-unit (~> 3.2)
  xlsxwriter!

BUNDLED WITH
   1.17.3
