PATH
  remote: .
  specs:
    xlsxwriter (0.0.1)

GEM
  remote: https://rubygems.org/
  specs:
    power_assert (0.4.1)
    rake (12.0.0)
    rake-compiler (1.0.3)
      rake
    rubyzip (1.2.0)
    test-unit (3.2.3)
      power_assert

PLATFORMS
  ruby

DEPENDENCIES
  rake-compiler
  rubyzip
  test-unit
  xlsxwriter!

BUNDLED WITH
   1.13.7
