PATH
  remote: .
  specs:
    xlsxwriter (0.2.0.pre.2)

GEM
  remote: https://rubygems.org/
  specs:
    power_assert (1.1.4)
    rake (12.3.2)
    rake-compiler (1.0.7)
      rake
    rubyzip (1.2.2)
    test-unit (3.3.2)
      power_assert

PLATFORMS
  ruby

DEPENDENCIES
  rake-compiler (~> 1.0)
  rubyzip (~> 1.2)
  test-unit (~> 3.2)
  xlsxwriter!

BUNDLED WITH
   1.17.3
