PATH
  remote: .
  specs:
    xlsxwriter (0.0.1)

GEM
  remote: https://rubygems.org/
  specs:
    rake (12.0.0)
    rake-compiler (1.0.3)
      rake

PLATFORMS
  ruby

DEPENDENCIES
  rake-compiler
  xlsxwriter!

BUNDLED WITH
   1.12.6
