PATH
  remote: .
  specs:
    xlsxwriter (0.0.6)

GEM
  remote: https://rubygems.org/
  specs:
    power_assert (1.1.3)
    rake (12.3.2)
    rake-compiler (1.0.7)
      rake
    rubyzip (1.2.2)
    test-unit (3.2.9)
      power_assert

PLATFORMS
  ruby

DEPENDENCIES
  rake-compiler (~> 1.0)
  rubyzip (~> 1.2)
  test-unit (~> 3.2)
  xlsxwriter!

BUNDLED WITH
   1.17.3
