PATH
  remote: .
  specs:
    xlsxwriter (0.2.1.pre.3)

GEM
  remote: https://rubygems.org/
  specs:
    diffy (3.4.0)
    power_assert (2.0.0)
    rake (13.0.6)
    rake-compiler (1.1.2)
      rake
    rubyzip (2.3.2)
    test-unit (3.4.4)
      power_assert

PLATFORMS
  ruby
  x86_64-linux

DEPENDENCIES
  diffy (~> 3.4)
  rake-compiler (~> 1.0)
  rubyzip (~> 2.3)
  test-unit (~> 3.2)
  xlsxwriter!

BUNDLED WITH
   2.2.21
